GEM
  remote: https://rubygems.org/
  specs:
    aws-sdk-core (2.1.20)
      jmespath (~> 1.0)
    jmespath (1.0.2)
      multi_json (~> 1.0)
    json (1.8.3)
    multi_json (1.11.2)
    rack (1.6.4)
    rack-protection (1.5.3)
      rack
    sinatra (1.4.6)
      rack (~> 1.4)
      rack-protection (~> 1.4)
      tilt (>= 1.3, < 3)
    tilt (2.0.1)

PLATFORMS
  ruby

DEPENDENCIES
  aws-sdk-core
  json
  sinatra

BUNDLED WITH
   1.10.6
